GEM
  remote: https://rubygems.org/
  specs:
    bson (1.8.6)
    bson_ext (1.8.6)
      bson (~> 1.8.6)
    columnize (0.3.6)
    cuba (3.1.0)
      rack
    debugger (1.6.0)
      columnize (>= 0.3.1)
      debugger-linecache (~> 1.2.0)
      debugger-ruby_core_source (~> 1.2.1)
    debugger-linecache (1.2.0)
    debugger-ruby_core_source (1.2.2)
    domain_name (0.5.12)
      unf (>= 0.0.5, < 1.0.0)
    freeling-analyzer (0.1.1)
      hashie (~> 2.0.5)
    hashie (2.0.5)
    http-cookie (1.0.1)
      domain_name (~> 0.5)
    mechanize (2.7.1)
      domain_name (~> 0.5, >= 0.5.1)
      http-cookie (~> 1.0.0)
      mime-types (~> 1.17, >= 1.17.2)
      net-http-digest_auth (~> 1.1, >= 1.1.1)
      net-http-persistent (~> 2.5, >= 2.5.2)
      nokogiri (~> 1.4)
      ntlm-http (~> 0.1, >= 0.1.1)
      webrobots (>= 0.0.9, < 0.2)
    mime-types (1.23)
    mongo (1.8.6)
      bson (~> 1.8.6)
    net-http-digest_auth (1.3)
    net-http-persistent (2.8)
    nokogiri (1.5.10)
    ntlm-http (0.1.1)
    rack (1.5.2)
    tilt (1.4.1)
    unf (0.1.1)
      unf_ext
    unf_ext (0.0.6)
    webrobots (0.1.1)

PLATFORMS
  ruby

DEPENDENCIES
  bson_ext
  cuba
  debugger
  freeling-analyzer
  mechanize
  mongo
  rack
  tilt
